GEM
  remote: http://rubygems.org/
  specs:
    ffi (1.0.7)
      rake (>= 0.8.7)
    rake (0.8.7)

PLATFORMS
  ruby

DEPENDENCIES
  ffi (= 1.0.7)
